PATH
  remote: .
  specs:
    ruby-llvm (3.1.0.beta.1)
      ffi (>= 1.0.0)

GEM
  remote: http://rubygems.org/
  specs:
    ffi (1.1.5)
    ffi_gen (1.1.0)
      ffi (>= 1.0.0)
    rake (0.9.2)
    rcov (0.9.11)
    yard (0.9.20)

PLATFORMS
  ruby

DEPENDENCIES
  ffi_gen (>= 1.1.0)
  rake
  rcov
  ruby-llvm!
  yard
